GEM
  remote: https://rubygems.org/
  specs:
    addressable (2.6.0)
      public_suffix (>= 2.0.2, < 4.0)
    ansi (1.5.0)
    bitcoin-ruby (0.0.19)
      eventmachine
      ffi
      scrypt
    blockcypher-ruby (0.2.4)
      bitcoin-ruby (~> 0.0.5)
      ffi
    crack (0.4.3)
      safe_yaml (~> 1.0.0)
    eventmachine (1.2.7)
    ffi (1.11.1)
    ffi-compiler (1.0.1)
      ffi (>= 1.0.0)
      rake
    hashdiff (0.4.0)
    minitest (4.7.5)
    public_suffix (3.1.0)
    rake (12.3.3)
    safe_yaml (1.0.5)
    scrypt (3.0.6)
      ffi-compiler (>= 1.0, < 2.0)
    turn (0.9.7)
      ansi
      minitest (~> 4)
    vcr (5.0.0)
    webmock (3.6.0)
      addressable (>= 2.3.6)
      crack (>= 0.3.2)
      hashdiff (>= 0.4.0, < 2.0.0)

PLATFORMS
  ruby

DEPENDENCIES
  blockcypher-ruby
  minitest
  rake
  turn
  vcr
  webmock

RUBY VERSION
   ruby 2.6.3p62

BUNDLED WITH
   1.17.2
